GIT
  remote: https://github.com/brandur/facts_api_stub.git
  revision: 1fe5f62685e10184a8579b42473407328caa40f0
  specs:
    facts_api_stub (0.1.0)

GEM
  remote: http://rubygems.org/
  specs:
    artifice-excon (0.1.2)
      excon
      rack-test
    coffee-script (2.2.0)
      coffee-script-source
      execjs
    coffee-script-source (1.3.3)
    columnize (0.3.6)
    daemons (1.1.8)
    debugger (1.2.0)
      columnize (>= 0.3.1)
      debugger-linecache (~> 1.1.1)
      debugger-ruby_core_source (~> 1.1.3)
    debugger-linecache (1.1.2)
      debugger-ruby_core_source (>= 1.1.1)
    debugger-ruby_core_source (1.1.3)
    eventmachine (0.12.10)
    excon (0.15.1)
    excon-slides_instrumentor (0.1.0)
      slides (~> 0.1)
    execjs (1.4.0)
      multi_json (~> 1.0)
    hike (1.2.1)
    multi_json (1.3.6)
    rack (1.4.1)
    rack-instruments (0.1.7)
      slides (~> 0.1)
    rack-protection (1.2.0)
      rack
    rack-robots (0.1.1)
    rack-ssl (1.3.2)
      rack
    rack-test (0.6.1)
      rack (>= 1.0)
    redcarpet (2.1.1)
    rr (1.0.4)
    sass (3.1.20)
    sinatra (1.3.2)
      rack (~> 1.3, >= 1.3.6)
      rack-protection (~> 1.2)
      tilt (~> 1.3, >= 1.3.3)
    slides (0.1.5)
    slim (1.2.2)
      temple (~> 0.4.0)
      tilt (~> 1.3.3)
    sprockets (2.0.3)
      hike (~> 1.2)
      rack (~> 1.0)
      tilt (~> 1.1, != 1.3.0)
    temple (0.4.0)
    thin (1.3.1)
      daemons (>= 1.0.9)
      eventmachine (>= 0.12.6)
      rack (>= 1.0.0)
    tilt (1.3.3)

PLATFORMS
  ruby

DEPENDENCIES
  artifice-excon
  coffee-script
  debugger
  excon
  excon-slides_instrumentor
  facts_api_stub!
  rack
  rack-instruments
  rack-robots
  rack-ssl
  rack-test
  redcarpet
  rr
  sass
  sinatra
  slides
  slim
  sprockets
  thin
