GEM
  remote: http://rubygems.org/
  specs:
    daemons (1.1.8)
    eventmachine (0.12.10)
    excon (0.15.1)
    hike (1.2.1)
    rack (1.4.1)
    rack-instruments (0.1.7)
      slides (~> 0.1)
    rack-protection (1.2.0)
      rack
    rack-robots (0.1.1)
    redcarpet (2.1.1)
    sass (3.1.20)
    sinatra (1.3.2)
      rack (~> 1.3, >= 1.3.6)
      rack-protection (~> 1.2)
      tilt (~> 1.3, >= 1.3.3)
    slides (0.1.5)
    slim (1.2.2)
      temple (~> 0.4.0)
      tilt (~> 1.3.3)
    sprockets (2.0.3)
      hike (~> 1.2)
      rack (~> 1.0)
      tilt (~> 1.1, != 1.3.0)
    temple (0.4.0)
    thin (1.3.1)
      daemons (>= 1.0.9)
      eventmachine (>= 0.12.6)
      rack (>= 1.0.0)
    tilt (1.3.3)

PLATFORMS
  ruby

DEPENDENCIES
  excon
  rack
  rack-instruments
  rack-robots
  redcarpet
  sass
  sinatra
  slides
  slim
  sprockets
  thin
